STORAGE: NONE
RESTRICTION: || (== net5.0) (== netstandard2.0) (== netstandard2.1)
NUGET
  remote: https://api.nuget.org/v3/index.json
    FSharp.Core (6.0.1)
    Giraffe (5.0)
      FSharp.Core (>= 5.0) - restriction: || (== net5.0) (&& (== netstandard2.0) (>= net5.0)) (&& (== netstandard2.1) (>= net5.0))
      Giraffe.ViewEngine (>= 1.3) - restriction: || (== net5.0) (&& (== netstandard2.0) (>= net5.0)) (&& (== netstandard2.1) (>= net5.0))
      Microsoft.IO.RecyclableMemoryStream (>= 1.3.6) - restriction: || (== net5.0) (&& (== netstandard2.0) (>= net5.0)) (&& (== netstandard2.1) (>= net5.0))
      Newtonsoft.Json (>= 12.0.3) - restriction: || (== net5.0) (&& (== netstandard2.0) (>= net5.0)) (&& (== netstandard2.1) (>= net5.0))
      Ply (>= 0.3.1) - restriction: || (== net5.0) (&& (== netstandard2.0) (>= net5.0)) (&& (== netstandard2.1) (>= net5.0))
      System.Text.Json (>= 5.0.2) - restriction: || (== net5.0) (&& (== netstandard2.0) (>= net5.0)) (&& (== netstandard2.1) (>= net5.0))
      Utf8Json (>= 1.3.7) - restriction: || (== net5.0) (&& (== netstandard2.0) (>= net5.0)) (&& (== netstandard2.1) (>= net5.0))
    Giraffe.ViewEngine (1.4)
      FSharp.Core (>= 5.0)
    Microsoft.IO.RecyclableMemoryStream (2.2) - restriction: || (== net5.0) (&& (== netstandard2.0) (>= net5.0)) (&& (== netstandard2.1) (>= net5.0))
    Newtonsoft.Json (13.0.1) - restriction: || (== net5.0) (&& (== netstandard2.0) (>= net5.0)) (&& (== netstandard2.1) (>= net5.0))
    Ply (0.3.1)
      FSharp.Core (>= 4.6.2)
      System.Threading.Tasks.Extensions (>= 4.5.4)
    System.Reflection.Emit (4.7) - restriction: || (== net5.0) (&& (== netstandard2.0) (>= net5.0)) (&& (== netstandard2.1) (>= net5.0))
    System.Reflection.Emit.Lightweight (4.7) - restriction: || (== net5.0) (&& (== netstandard2.0) (>= net5.0)) (&& (== netstandard2.1) (>= net5.0))
    System.Runtime.CompilerServices.Unsafe (6.0)
    System.Text.Encodings.Web (6.0) - restriction: || (== net5.0) (&& (== netstandard2.0) (>= net5.0)) (&& (== netstandard2.1) (>= net5.0))
      System.Runtime.CompilerServices.Unsafe (>= 6.0)
    System.Text.Json (6.0.1) - restriction: || (== net5.0) (&& (== netstandard2.0) (>= net5.0)) (&& (== netstandard2.1) (>= net5.0))
      System.Runtime.CompilerServices.Unsafe (>= 6.0)
      System.Text.Encodings.Web (>= 6.0)
    System.Threading.Tasks.Extensions (4.5.4)
      System.Runtime.CompilerServices.Unsafe (>= 4.5.3) - restriction: || (&& (== net5.0) (>= net461)) (&& (== net5.0) (< netcoreapp2.1)) (&& (== net5.0) (< netstandard1.0)) (&& (== net5.0) (< netstandard2.0)) (&& (== net5.0) (>= wp8)) (== netstandard2.0) (== netstandard2.1)
    System.ValueTuple (4.5) - restriction: || (== net5.0) (&& (== netstandard2.0) (>= net5.0)) (&& (== netstandard2.1) (>= net5.0))
    Utf8Json (1.3.7) - restriction: || (== net5.0) (&& (== netstandard2.0) (>= net5.0)) (&& (== netstandard2.1) (>= net5.0))
      System.Reflection.Emit (>= 4.3)
      System.Reflection.Emit.Lightweight (>= 4.3)
      System.Threading.Tasks.Extensions (>= 4.4)
      System.ValueTuple (>= 4.4)
